PATH
  remote: .
  specs:
    gura (0.1.0)
      fileutils
      rmagick
      rspec
      thor

GEM
  remote: https://rubygems.org/
  specs:
    diff-lcs (1.5.1)
    fileutils (1.7.3)
    observer (0.1.2)
    pkg-config (1.5.8)
    rake (13.2.1)
    rmagick (6.0.1)
      observer (~> 0.1)
      pkg-config (~> 1.4)
    rspec (3.13.0)
      rspec-core (~> 3.13.0)
      rspec-expectations (~> 3.13.0)
      rspec-mocks (~> 3.13.0)
    rspec-core (3.13.2)
      rspec-support (~> 3.13.0)
    rspec-expectations (3.13.3)
      diff-lcs (>= 1.2.0, < 2.0)
      rspec-support (~> 3.13.0)
    rspec-mocks (3.13.2)
      diff-lcs (>= 1.2.0, < 2.0)
      rspec-support (~> 3.13.0)
    rspec-support (3.13.2)
    thor (1.3.2)

PLATFORMS
  arm64-darwin-24
  ruby

DEPENDENCIES
  gura!
  rake (~> 13.0)

BUNDLED WITH
   2.5.18
